GEM
  remote: https://rubygems.org/
  specs:
    json (2.1.0)
    kramdown (1.17.0)
    mustermann (1.0.3)
    rack (2.0.6)
    rack-protection (2.0.4)
      rack
    redis (4.0.3)
    sinatra (2.0.4)
      mustermann (~> 1.0)
      rack (~> 2.0)
      rack-protection (= 2.0.4)
      tilt (~> 2.0)
    tilt (2.0.8)

PLATFORMS
  ruby

DEPENDENCIES
  json
  kramdown
  redis
  sinatra

BUNDLED WITH
   1.16.4
